GEM
  remote: https://rubygems.org/
  specs:
    ast (2.4.2)
    coderay (1.1.3)
    diff-lcs (1.4.4)
    method_source (1.0.0)
    parser (3.0.2.0)
      ast (~> 2.4.1)
    pry (0.14.1)
      coderay (~> 1.1)
      method_source (~> 1.0)
    rbi (0.0.6)
      ast
      parser
      sorbet-runtime (>= 0.5.9204)
      unparser
    sorbet (0.5.9318)
      sorbet-static (= 0.5.9318)
    sorbet-runtime (0.5.9318)
    sorbet-static (0.5.9318-x86_64-linux)
    spoom (1.1.5)
      sorbet (>= 0.5.9204)
      sorbet-runtime (>= 0.5.9204)
      thor (>= 0.19.2)
    tapioca (0.5.4)
      bundler (>= 1.17.3)
      pry (>= 0.12.2)
      rbi
      sorbet-runtime
      sorbet-static (>= 0.5.6200)
      spoom
      thor (>= 0.19.2)
      yard-sorbet
    thor (1.1.0)
    unparser (0.6.2)
      diff-lcs (~> 1.3)
      parser (>= 3.0.0)
    yard (0.9.36)
    yard-sorbet (0.6.1)
      sorbet-runtime (>= 0.5)
      yard (>= 0.9)

PLATFORMS
  x86_64-linux

DEPENDENCIES
  sorbet
  sorbet-runtime
  tapioca (~> 0.5.4)

BUNDLED WITH
   2.2.28
